REDIRECTS: ON
RESTRICTION: == net461
NUGET
  remote: https://api.nuget.org/v3/index.json
    GreenPipes (1.0.10)
    MassTransit (3.5.7)
      GreenPipes (>= 1.0.9)
      NewId (>= 3.0)
      Newtonsoft.Json (>= 9.0.1)
    MassTransit.RabbitMQ (3.5.7)
      GreenPipes (>= 1.0.9)
      MassTransit (>= 3.5.7)
      NewId (>= 3.0)
      Newtonsoft.Json (>= 9.0.1)
      RabbitMQ.Client (>= 4.1.3)
    MassTransit.SerilogIntegration (3.5.7)
      GreenPipes (>= 1.0.9)
      MassTransit (>= 3.5.7)
      Newtonsoft.Json (>= 9.0.1)
      Serilog (>= 2.2.1)
    Microsoft.Diagnostics.Tracing.EventSource.Redist (1.1.28)
    NewId (3.0.1)
    Newtonsoft.Json (9.0.1)
    RabbitMQ.Client (5.0.1)
      Microsoft.Diagnostics.Tracing.EventSource.Redist (>= 1.1.28)
    Serilog (2.5)
    Serilog.Formatting.Compact (1.0)
      Serilog (>= 2.0)
    Serilog.Sinks.Console (3.1)
      Serilog (>= 2.5)
    Serilog.Sinks.File (3.2)
      Serilog (>= 2.3)
    Serilog.Sinks.Literate (3.0)
      Serilog.Sinks.Console (>= 3.0.1)
    Serilog.Sinks.PeriodicBatching (2.1.1)
      Serilog (>= 2.0)
    Serilog.Sinks.RollingFile (3.3)
      Serilog.Sinks.File (>= 3.2)
    Serilog.Sinks.Seq (3.3.3)
      Serilog (>= 2.3)
      Serilog.Formatting.Compact (>= 1.0)
      Serilog.Sinks.File (>= 3.2)
      Serilog.Sinks.PeriodicBatching (>= 2.1.1)
      Serilog.Sinks.RollingFile (>= 3.3)
      System.Net.Http (>= 4.3.1)
    System.Net.Http (4.3.2)
      System.Security.Cryptography.X509Certificates (>= 4.3)
    System.Security.Cryptography.Algorithms (4.3)
      System.Security.Cryptography.Primitives (>= 4.3)
    System.Security.Cryptography.Encoding (4.3)
    System.Security.Cryptography.Primitives (4.3)
    System.Security.Cryptography.X509Certificates (4.3)
      System.Security.Cryptography.Algorithms (>= 4.3)
      System.Security.Cryptography.Encoding (>= 4.3)
    Topshelf (4.0.3)
    Topshelf.Serilog (4.0.3)
      Serilog (>= 1.5.14)
      Topshelf (>= 4.0.3)
